PATH
  remote: .
  specs:
    group_cache_key (0.4.1)
      activerecord
      activesupport

GEM
  remote: https://rubygems.org/
  specs:
    activemodel (3.2.13)
      activesupport (= 3.2.13)
      builder (~> 3.0.0)
    activerecord (3.2.13)
      activemodel (= 3.2.13)
      activesupport (= 3.2.13)
      arel (~> 3.0.2)
      tzinfo (~> 0.3.29)
    activesupport (3.2.13)
      i18n (= 0.6.1)
      multi_json (~> 1.0)
    arel (3.0.2)
    builder (3.0.4)
    i18n (0.6.1)
    minitest (4.7.0)
    multi_json (1.7.2)
    rake (10.0.4)
    tzinfo (0.3.37)

PLATFORMS
  ruby

DEPENDENCIES
  group_cache_key!
  minitest
  rake
